GEM
  remote: https://rubygems.org/
  specs:
    activesupport (4.2.0)
      i18n (~> 0.7)
      json (~> 1.7, >= 1.7.7)
      minitest (~> 5.1)
      thread_safe (~> 0.3, >= 0.3.4)
      tzinfo (~> 1.1)
    dotenv (1.0.2)
    faraday (0.9.1)
      multipart-post (>= 1.2, < 3)
    faraday_middleware (0.9.1)
      faraday (>= 0.7.4, < 0.10)
    hashie (3.3.2)
    i18n (0.7.0)
    json (1.8.2)
    mem (0.1.5)
    minitest (5.5.1)
    multi_xml (0.5.5)
    multipart-post (2.0.0)
    ruboty (1.1.4)
      activesupport
      bundler
      dotenv
      mem
      slop
    ruboty-slack (0.1.7)
      ruboty (>= 1.0.4)
      xrc (>= 0.0.6)
    ruboty-syoboi_calendar (0.0.7)
      activesupport
      ruboty
      syoboi_calendar (= 0.3.1)
    slop (4.0.0)
    syoboi_calendar (0.3.1)
      activesupport
      faraday
      faraday_middleware
      hashie
      multi_xml
    thread_safe (0.3.4)
    tzinfo (1.2.2)
      thread_safe (~> 0.1)
    xrc (0.1.4)
      activesupport

PLATFORMS
  ruby

DEPENDENCIES
  ruboty
  ruboty-slack
  ruboty-syoboi_calendar
